GEM
  remote: https://rubygems.org/
  specs:
    haml (5.2.2)
      temple (>= 0.8.0)
      tilt
    hamlit (2.15.1)
      temple (>= 0.8.2)
      thor
      tilt
    temple (0.8.2)
    thor (1.1.0)
    tilt (2.0.10)

PLATFORMS
  x86_64-darwin-19

DEPENDENCIES
  haml
  hamlit

BUNDLED WITH
   2.2.3
